GEM
  remote: https://rubygems.org/
  specs:
    cinch (2.2.5)
    json (1.8.2)

PLATFORMS
  ruby

DEPENDENCIES
  cinch
  json
