GEM
  remote: https://rubygems.org/
  specs:
    cinch (2.2.5)
    daemons (1.2.2)
    json (1.8.2)

PLATFORMS
  ruby

DEPENDENCIES
  cinch
  daemons
  json
